GEM
  remote: https://rubygems.org/
  specs:
    eventmachine (1.0.3)
    file-tail (1.0.12)
      tins (~> 0.5)
    haml (4.0.2)
      tilt
    rack (1.5.2)
    rack-protection (1.5.0)
      rack
    sass (3.2.7)
    sinatra (1.4.2)
      rack (~> 1.5, >= 1.5.2)
      rack-protection (~> 1.4)
      tilt (~> 1.3, >= 1.3.4)
    tilt (1.3.7)
    tins (0.7.2)

PLATFORMS
  ruby

DEPENDENCIES
  eventmachine
  file-tail
  haml
  sass
  sinatra
